PATH
  remote: .
  specs:
    check_appointments (0.0.1)

GEM
  remote: https://rubygems.org/
  specs:

PLATFORMS
  ruby

DEPENDENCIES
  check_appointments!
