PATH
  remote: .
  specs:
    check_appointments (0.0.1)

GEM
  remote: https://rubygems.org/
  specs:
    rake (10.3.2)

PLATFORMS
  ruby

DEPENDENCIES
  check_appointments!
  rake
